PATH
  remote: .
  specs:
    NEDL (0.1.0)

GEM
  remote: https://rubygems.org/
  specs:
    addressable (2.7.0)
      public_suffix (>= 2.0.2, < 5.0)
    coderay (1.1.2)
    down (5.1.1)
      addressable (~> 2.5)
    method_source (0.9.2)
    mini_portile2 (2.4.0)
    nokogiri (1.10.8)
      mini_portile2 (~> 2.4.0)
    pry (0.12.2)
      coderay (~> 1.1.0)
      method_source (~> 0.9.0)
    public_suffix (4.0.3)
    rake (12.3.3)

PLATFORMS
  ruby

DEPENDENCIES
  NEDL!
  down
  nokogiri
  pry
  rake (~> 12.0)

BUNDLED WITH
   2.1.4
